PATH
  remote: .
  specs:
    ad-ldap (0.1.1)
      net-ldap (~> 0.2.2)

GEM
  remote: http://rubygems.org/
  specs:
    ansi (1.3.0)
    assert (0.3.0)
      ansi (~> 1.3)
    mocha (0.9.12)
    net-ldap (0.2.2)
    rake (0.9.2)

PLATFORMS
  ruby

DEPENDENCIES
  ad-ldap!
  assert (~> 0.3.0)
  mocha (~> 0.9.12)
  rake (~> 0.9.2)
